GIT
  remote: https://github.com/synthead/rpi_gpio.git
  revision: 5be5c6d6314a83feefcd3d2e989d17dbc4291c00
  branch: use-externs-in-common.h
  specs:
    rpi_gpio (0.5.0)
      epoll (~> 0.3)

GEM
  remote: https://rubygems.org/
  specs:
    aws-eventstream (1.2.0)
    aws-partitions (1.786.0)
    aws-sdk-core (3.178.0)
      aws-eventstream (~> 1, >= 1.0.2)
      aws-partitions (~> 1, >= 1.651.0)
      aws-sigv4 (~> 1.5)
      jmespath (~> 1, >= 1.6.1)
    aws-sdk-dynamodb (1.92.0)
      aws-sdk-core (~> 3, >= 3.177.0)
      aws-sigv4 (~> 1.1)
    aws-sigv4 (1.6.0)
      aws-eventstream (~> 1, >= 1.0.2)
    diff-lcs (1.5.0)
    dotenv (2.8.1)
    epoll (0.3.0)
    jmespath (1.6.2)
    rspec (3.12.0)
      rspec-core (~> 3.12.0)
      rspec-expectations (~> 3.12.0)
      rspec-mocks (~> 3.12.0)
    rspec-core (3.12.2)
      rspec-support (~> 3.12.0)
    rspec-expectations (3.12.3)
      diff-lcs (>= 1.2.0, < 2.0)
      rspec-support (~> 3.12.0)
    rspec-mocks (3.12.6)
      diff-lcs (>= 1.2.0, < 2.0)
      rspec-support (~> 3.12.0)
    rspec-support (3.12.1)

PLATFORMS
  ruby

DEPENDENCIES
  aws-sdk-dynamodb
  dotenv
  rpi_gpio!
  rspec

RUBY VERSION
   ruby 2.7.3p183

BUNDLED WITH
   2.1.4
